GIT
  remote: git://github.com/amatsuda/kaminari.git
  revision: 4f4d8c927e245df917ea3ce0b8a5c023f86a44bd
  specs:
    kaminari (0.13.0)
      actionpack (>= 3.0.0)
      activesupport (>= 3.0.0)
      railties (>= 3.0.0)

GIT
  remote: git://github.com/theplant/rchardet.git
  revision: 45de38b586fa94ee9dc0c7ec87a456929287d60b
  specs:
    rchardet (1.3)

PATH
  remote: ./vendor/qor
  specs:
    qor (0.1.0)
      qor_addon (= 0.1.0)
      qor_dolilo (= 0.1.0)
      qor_extlib (= 0.1.0)
      qor_form (= 0.1.0)
      qor_formtastic (= 0.1.0)
      qor_job (= 0.1.0)
      qor_l10n (= 0.1.0)
      qor_resources_engine (= 0.1.0)
      qor_soft_delete (= 0.1.0)
      qor_widget (= 0.1.0)
    qor_addon (0.1.0)
      qor_resources_engine
    qor_dolilo (0.1.0)
      qor_extlib
      rails
      warden
    qor_exchange (0.1.0)
      fastercsv
      gdata-19 (>= 1.1.1)
      qor_extlib
      rails
      rchardet
    qor_extlib (0.1.0)
      activerecord
      encryptor (= 1.1.3)
      yajl-ruby
    qor_form (0.1.0)
      mustache
      qor_dolilo
      qor_extlib
      qor_media_library
      rails
    qor_formtastic (0.1.0)
      qor_dolilo
      qor_extlib
      qor_form
      rails
    qor_job (0.1.0)
      qor_extlib
      rails
    qor_l10n (0.1.0)
      i18n-active_record
      kaminari
      qor_form
      qor_resources_engine
      rails
    qor_media_library (0.1.0)
      paperclip
      qor_extlib
      rails
    qor_resources_engine (0.1.0)
      kaminari
      qor_dolilo
      qor_extlib
      qor_formtastic
      rails
    qor_soft_delete (0.1.0)
      rails
    qor_widget (0.1.0)
      aws-s3
      kaminari
      mustache
      paperclip
      rails

GEM
  remote: http://rubygems.org/
  specs:
    actionmailer (3.1.3)
      actionpack (= 3.1.3)
      mail (~> 2.3.0)
    actionpack (3.1.3)
      activemodel (= 3.1.3)
      activesupport (= 3.1.3)
      builder (~> 3.0.0)
      erubis (~> 2.7.0)
      i18n (~> 0.6)
      rack (~> 1.3.5)
      rack-cache (~> 1.1)
      rack-mount (~> 0.8.2)
      rack-test (~> 0.6.1)
      sprockets (~> 2.0.3)
    activemodel (3.1.3)
      activesupport (= 3.1.3)
      builder (~> 3.0.0)
      i18n (~> 0.6)
    activerecord (3.1.3)
      activemodel (= 3.1.3)
      activesupport (= 3.1.3)
      arel (~> 2.2.1)
      tzinfo (~> 0.3.29)
    activeresource (3.1.3)
      activemodel (= 3.1.3)
      activesupport (= 3.1.3)
    activesupport (3.1.3)
      multi_json (~> 1.0)
    ansi (1.4.1)
    arel (2.2.1)
    aws-s3 (0.6.2)
      builder
      mime-types
      xml-simple
    builder (3.0.0)
    cocaine (0.2.1)
    coffee-rails (3.1.1)
      coffee-script (>= 2.2.0)
      railties (~> 3.1.0)
    coffee-script (2.2.0)
      coffee-script-source
      execjs
    coffee-script-source (1.2.0)
    encryptor (1.1.3)
    erubis (2.7.0)
    execjs (1.2.13)
      multi_json (~> 1.0)
    fastercsv (1.5.4)
    gdata-19 (1.1.2)
    hike (1.2.1)
    i18n (0.6.0)
    i18n-active_record (0.0.2)
      i18n (>= 0.5.0)
    jquery-rails (1.0.19)
      railties (~> 3.0)
      thor (~> 0.14)
    json (1.6.4)
    mail (2.3.0)
      i18n (>= 0.4.0)
      mime-types (~> 1.16)
      treetop (~> 1.4.8)
    mime-types (1.17.2)
    multi_json (1.0.4)
    mustache (0.99.4)
    mysql2 (0.3.11)
    paperclip (2.4.5)
      activerecord (>= 2.3.0)
      activesupport (>= 2.3.2)
      cocaine (>= 0.0.2)
      mime-types
    polyglot (0.3.3)
    rack (1.3.6)
    rack-cache (1.1)
      rack (>= 0.4)
    rack-mount (0.8.3)
      rack (>= 1.0.0)
    rack-ssl (1.3.2)
      rack
    rack-test (0.6.1)
      rack (>= 1.0)
    rails (3.1.3)
      actionmailer (= 3.1.3)
      actionpack (= 3.1.3)
      activerecord (= 3.1.3)
      activeresource (= 3.1.3)
      activesupport (= 3.1.3)
      bundler (~> 1.0)
      railties (= 3.1.3)
    railties (3.1.3)
      actionpack (= 3.1.3)
      activesupport (= 3.1.3)
      rack-ssl (~> 1.3.2)
      rake (>= 0.8.7)
      rdoc (~> 3.4)
      thor (~> 0.14.6)
    rake (0.9.2.2)
    rdoc (3.12)
      json (~> 1.4)
    sass (3.1.12)
    sass-rails (3.1.5)
      actionpack (~> 3.1.0)
      railties (~> 3.1.0)
      sass (~> 3.1.10)
      tilt (~> 1.3.2)
    sprockets (2.0.3)
      hike (~> 1.2)
      rack (~> 1.0)
      tilt (~> 1.1, != 1.3.0)
    thor (0.14.6)
    tilt (1.3.3)
    treetop (1.4.10)
      polyglot
      polyglot (>= 0.3.1)
    turn (0.8.3)
      ansi
    tzinfo (0.3.31)
    uglifier (1.2.1)
      execjs (>= 0.3.0)
      multi_json (>= 1.0.2)
    warden (1.1.0)
      rack (>= 1.0)
    xml-simple (1.1.1)
    yajl-ruby (1.1.0)

PLATFORMS
  ruby

DEPENDENCIES
  coffee-rails (~> 3.1.1)
  jquery-rails
  kaminari!
  mysql2
  qor!
  qor_exchange!
  qor_job!
  rails (= 3.1.3)
  rchardet!
  sass-rails (~> 3.1.5)
  turn (~> 0.8.3)
  uglifier (>= 1.0.3)
